GEM
  remote: http://rubygems.org/
  specs:
    diff-lcs (1.1.3)
    graph.njae (0.4.0)
    json (1.7.3)
    multi_json (1.3.6)
    porter2stemmer (1.0.1)
    rake (0.9.2.2)
    rdoc (3.12)
      json (~> 1.4)
    rspec (2.11.0)
      rspec-core (~> 2.11.0)
      rspec-expectations (~> 2.11.0)
      rspec-mocks (~> 2.11.0)
    rspec-core (2.11.0)
    rspec-expectations (2.11.1)
      diff-lcs (~> 1.1.3)
    rspec-mocks (2.11.1)
    simplecov (0.6.4)
      multi_json (~> 1.0)
      simplecov-html (~> 0.5.3)
    simplecov-html (0.5.3)

PLATFORMS
  ruby

DEPENDENCIES
  bundler
  graph.njae
  porter2stemmer
  rake
  rdoc
  rspec
  simplecov
