GEM
  remote: http://rubygems.org/
  specs:
    diff-lcs (1.1.2)
    graph.njae (0.2.1)
    rake (0.9.2)
    rdoc (3.7)
    rspec (2.6.0)
      rspec-core (~> 2.6.0)
      rspec-expectations (~> 2.6.0)
      rspec-mocks (~> 2.6.0)
    rspec-core (2.6.4)
    rspec-expectations (2.6.0)
      diff-lcs (~> 1.1.2)
    rspec-mocks (2.6.0)

PLATFORMS
  ruby

DEPENDENCIES
  bundler (~> 1.0.0)
  graph.njae (= 0.2.1)
  rake
  rdoc
  rspec (~> 2.6.0)
